GEM
  remote: http://rubygems.org/
  specs:
    em-hiredis (0.1.0)
      hiredis (~> 0.3.0)
    eventmachine (0.12.10)
    hiredis (0.3.2)
    multi_json (1.0.3)
    yajl-ruby (0.8.3)

PLATFORMS
  ruby

DEPENDENCIES
  em-hiredis
  eventmachine
  multi_json
  yajl-ruby
